PATH
  remote: .
  specs:
    cpf_cnpj (0.2.0)

GEM
  remote: http://rubygems.org/
  specs:
    awesome_print (1.2.0)
    coderay (1.0.9)
    diff-lcs (1.2.5)
    method_source (0.8.2)
    pry (0.9.12.2)
      coderay (~> 1.0.5)
      method_source (~> 0.8)
      slop (~> 3.4)
    pry-meta (0.0.5)
      awesome_print
      pry
      pry-nav
      pry-remote
    pry-nav (0.2.3)
      pry (~> 0.9.10)
    pry-remote (0.1.7)
      pry (~> 0.9)
      slop (~> 3.0)
    rspec (2.14.1)
      rspec-core (~> 2.14.0)
      rspec-expectations (~> 2.14.0)
      rspec-mocks (~> 2.14.0)
    rspec-core (2.14.7)
    rspec-expectations (2.14.4)
      diff-lcs (>= 1.1.3, < 2.0)
    rspec-mocks (2.14.4)
    slop (3.4.6)

PLATFORMS
  ruby

DEPENDENCIES
  cpf_cnpj!
  pry-meta
  rspec
